PATH
  remote: .
  specs:
    ldap_groups_lookup (0.4.1)
      net-ldap

GEM
  remote: https://rubygems.org/
  specs:
    diff-lcs (1.2.5)
    net-ldap (0.15.0)
    rake (11.3.0)
    rspec (3.5.0)
      rspec-core (~> 3.5.0)
      rspec-expectations (~> 3.5.0)
      rspec-mocks (~> 3.5.0)
    rspec-core (3.5.4)
      rspec-support (~> 3.5.0)
    rspec-expectations (3.5.0)
      diff-lcs (>= 1.2.0, < 2.0)
      rspec-support (~> 3.5.0)
    rspec-mocks (3.5.0)
      diff-lcs (>= 1.2.0, < 2.0)
      rspec-support (~> 3.5.0)
    rspec-support (3.5.0)

PLATFORMS
  ruby

DEPENDENCIES
  ldap_groups_lookup!
  rake
  rspec

BUNDLED WITH
   1.13.6
